GEM
  remote: https://rubygems.org/
  specs:
    base64 (0.2.0)
    daemons (1.3.1)
    eventmachine (1.2.7)
    faraday (1.0.1)
      multipart-post (>= 1.2, < 3)
    minitest (5.14.0)
    multipart-post (2.1.1)
    mustermann (3.0.0)
      ruby2_keywords (~> 0.0.1)
    rack (2.2.8.1)
    rack-protection (3.2.0)
      base64 (>= 0.1.0)
      rack (~> 2.2, >= 2.2.4)
    rack-test (1.1.0)
      rack (>= 1.0, < 3)
    rake (13.0.1)
    ruby2_keywords (0.0.5)
    sinatra (3.2.0)
      mustermann (~> 3.0)
      rack (~> 2.2, >= 2.2.4)
      rack-protection (= 3.2.0)
      tilt (~> 2.0)
    sqlite3 (1.6.1-x86_64-linux)
    thin (1.7.2)
      daemons (~> 1.0, >= 1.0.9)
      eventmachine (~> 1.0, >= 1.0.4)
      rack (>= 1, < 3)
    tilt (2.3.0)

PLATFORMS
  x86_64-linux

DEPENDENCIES
  faraday
  minitest
  rack-test
  rake
  sinatra
  sqlite3 (~> 1.6)
  thin

BUNDLED WITH
   2.4.8
