GEM
  remote: https://rubygems.org/
  specs:
    faraday (0.9.2)
      multipart-post (>= 1.2, < 3)
    minitest (5.8.4)
    multipart-post (2.0.0)
    rack (1.6.4)
    rack-protection (1.5.3)
      rack
    rack-test (0.6.3)
      rack (>= 1.0)
    sinatra (1.4.7)
      rack (~> 1.5)
      rack-protection (~> 1.4)
      tilt (>= 1.3, < 3)
    sqlite3 (1.3.7)
    tilt (2.0.3)

PLATFORMS
  ruby

DEPENDENCIES
  faraday
  minitest
  rack-test
  sinatra
  sqlite3

BUNDLED WITH
   1.10.6
